GEM
  remote: https://rubygems.org/
  specs:
    json (2.1.0)
    mustermann (1.1.1)
      ruby2_keywords (~> 0.0.1)
    rack (2.2.3)
    rack-protection (2.0.8.1)
      rack
    ruby2_keywords (0.0.5)
    sinatra (2.0.8.1)
      mustermann (~> 1.0)
      rack (~> 2.0)
      rack-protection (= 2.0.8.1)
      tilt (~> 2.0)
    tilt (2.0.10)

PLATFORMS
  ruby

DEPENDENCIES
  json (~> 2.1.0)
  sinatra (~> 2.0.1)

RUBY VERSION
   ruby 2.7.4p191

BUNDLED WITH
   2.1.4
